GIT
  remote: https://github.com/coinbase/geoengineer.git
  revision: 40c181507020f009a2d8b06b4551b0469f5a3343
  ref: 40c181507020f009a2d8b06b4551b0469f5a3343
  specs:
    geoengineer (0.1.5)
      aws-sdk (~> 2.10)
      colorize (~> 0.7)
      commander (~> 4.4)
      netaddr (~> 1.5)
      octokit (~> 4.8)
      parallel (~> 1.10)

GEM
  remote: https://rubygems.org/
  specs:
    addressable (2.8.0)
      public_suffix (>= 2.0.2, < 5.0)
    aws-sdk (2.11.8)
      aws-sdk-resources (= 2.11.8)
    aws-sdk-core (2.11.8)
      aws-sigv4 (~> 1.0)
      jmespath (~> 1.0)
    aws-sdk-resources (2.11.8)
      aws-sdk-core (= 2.11.8)
    aws-sigv4 (1.0.2)
    colorize (0.8.1)
    commander (4.4.4)
      highline (~> 1.7.2)
    faraday (1.5.1)
      faraday-em_http (~> 1.0)
      faraday-em_synchrony (~> 1.0)
      faraday-excon (~> 1.1)
      faraday-httpclient (~> 1.0.1)
      faraday-net_http (~> 1.0)
      faraday-net_http_persistent (~> 1.1)
      faraday-patron (~> 1.0)
      multipart-post (>= 1.2, < 3)
      ruby2_keywords (>= 0.0.4)
    faraday-em_http (1.0.0)
    faraday-em_synchrony (1.0.0)
    faraday-excon (1.1.0)
    faraday-httpclient (1.0.1)
    faraday-net_http (1.0.1)
    faraday-net_http_persistent (1.2.0)
    faraday-patron (1.0.0)
    highline (1.7.10)
    jmespath (1.3.1)
    multipart-post (2.1.1)
    netaddr (1.5.1)
    octokit (4.21.0)
      faraday (>= 0.9)
      sawyer (~> 0.8.0, >= 0.5.3)
    parallel (1.12.1)
    public_suffix (4.0.6)
    ruby2_keywords (0.0.4)
    sawyer (0.8.2)
      addressable (>= 2.3.5)
      faraday (> 0.8, < 2.0)

PLATFORMS
  ruby

DEPENDENCIES
  geoengineer!

BUNDLED WITH
   1.16.0
